PATH
  remote: .
  specs:
    hexlet_code (0.1.0)

GEM
  remote: https://rubygems.org/
  specs:
    io-console (0.6.0)
    irb (1.14.2)
      rdoc (>= 4.0.0)
      reline (>= 0.4.2)
    minitest (5.25.4)
    psych (5.0.1)
      stringio
    rake (13.2.1)
    rdoc (6.5.0)
      psych (>= 4.0.0)
    reline (0.6.0)
      io-console (~> 0.5)
    stringio (3.0.4)

PLATFORMS
  ruby
  x86_64-linux-gnu

DEPENDENCIES
  hexlet_code!
  irb
  minitest (~> 5.16)
  rake (~> 13.0)

BUNDLED WITH
   2.6.8
